PATH
  remote: .
  specs:
    easypost (1.2)
      multi_json (>= 1.0.4, < 2)
      rest-client (~> 1.4)
      typhoeus (~> 0.5.3)

GEM
  remote: https://rubygems.org/
  specs:
    diff-lcs (1.2.4)
    ethon (0.5.12)
      ffi (>= 1.3.0)
      mime-types (~> 1.18)
    ffi (1.8.1)
    mime-types (1.23)
    multi_json (1.7.2)
    rest-client (1.6.7)
      mime-types (>= 1.16)
    rspec (2.13.0)
      rspec-core (~> 2.13.0)
      rspec-expectations (~> 2.13.0)
      rspec-mocks (~> 2.13.0)
    rspec-core (2.13.1)
    rspec-expectations (2.13.0)
      diff-lcs (>= 1.1.3, < 2.0)
    rspec-mocks (2.13.1)
    typhoeus (0.5.4)
      ethon (~> 0.5.7)

PLATFORMS
  ruby

DEPENDENCIES
  easypost!
  rspec (~> 2.13.0)
